GEM
  remote: https://rubygems.org/
  specs:
    backports (3.6.8)
    chunky_png (1.3.0)
    compass (0.12.4)
      chunky_png (~> 1.2)
      fssm (>= 0.2.7)
      sass (~> 3.2.17)
    daemons (1.2.4)
    eventmachine (1.2.0.1)
    eventmachine (1.2.0.1-x86-mingw32)
    foreman (0.82.0)
      thor (~> 0.19.1)
    fssm (0.2.10)
    haml (5.1.2)
      temple (>= 0.8.0)
      tilt
    multi_json (1.12.1)
    puma (3.6.0)
    rack (1.6.12)
    rack-protection (1.5.5)
      rack
    rack-test (0.6.3)
      rack (>= 1.0)
    rake (10.4.2)
    sass (3.2.18)
    sinatra (1.4.7)
      rack (~> 1.5)
      rack-protection (~> 1.4)
      tilt (>= 1.3, < 3)
    sinatra-contrib (1.4.7)
      backports (>= 2.0)
      multi_json
      rack-protection
      rack-test
      sinatra (~> 1.4.0)
      tilt (>= 1.3, < 3)
    temple (0.8.2)
    thin (1.7.0)
      daemons (~> 1.0, >= 1.0.9)
      eventmachine (~> 1.0, >= 1.0.4)
      rack (>= 1, < 3)
    thor (0.19.1)
    tilt (2.0.5)

PLATFORMS
  ruby
  x86-mingw32

DEPENDENCIES
  compass
  foreman
  haml
  puma
  rake
  sass
  sinatra
  sinatra-contrib
  thin

RUBY VERSION
   ruby 2.3.1p112

BUNDLED WITH
   1.17.3
